GIT
  remote: https://github.com/voxpupuli/voxpupuli-release-gem.git
  revision: fd8f279de8dcae75f7bac7daed8e482aaedaed9a
  specs:
    voxpupuli-release (0.4.0.pre)
      puppet-blacksmith (>= 4.0.0)
      rake

GEM
  remote: https://rubygems.org/
  specs:
    addressable (2.4.0)
    backports (3.15.0)
    coderay (1.1.2)
    diff-lcs (1.3)
    domain_name (0.5.20180417)
      unf (>= 0.0.5, < 1.0.0)
    ethon (0.12.0)
      ffi (>= 1.3.0)
    faraday (0.15.4)
      multipart-post (>= 1.2, < 3)
    faraday_middleware (0.13.1)
      faraday (>= 0.7.4, < 1.0)
    ffi (1.11.0)
    formatador (0.2.5)
    gh (0.15.1)
      addressable (~> 2.4.0)
      backports
      faraday (~> 0.8)
      multi_json (~> 1.0)
      net-http-persistent (~> 2.9)
      net-http-pipeline
    guard (2.15.0)
      formatador (>= 0.2.4)
      listen (>= 2.7, < 4.0)
      lumberjack (>= 1.0.12, < 2.0)
      nenv (~> 0.1)
      notiffany (~> 0.0)
      pry (>= 0.9.12)
      shellany (~> 0.0)
      thor (>= 0.18.1)
    guard-rake (1.0.0)
      guard
      rake
    highline (1.7.10)
    http-cookie (1.0.3)
      domain_name (~> 0.5)
    json (2.2.0)
    json-schema (2.8.1)
      addressable (>= 2.4)
    launchy (2.4.3)
      addressable (~> 2.3)
    listen (3.1.5)
      rb-fsevent (~> 0.9, >= 0.9.4)
      rb-inotify (~> 0.9, >= 0.9.7)
      ruby_dep (~> 1.2)
    lumberjack (1.0.13)
    metaclass (0.0.4)
    metadata-json-lint (2.2.0)
      json-schema (~> 2.8)
      spdx-licenses (~> 1.0)
    method_source (0.9.2)
    mime-types (3.2.2)
      mime-types-data (~> 3.2015)
    mime-types-data (3.2019.0331)
    mocha (1.8.0)
      metaclass (~> 0.0.1)
    multi_json (1.13.1)
    multipart-post (2.1.1)
    nenv (0.3.0)
    net-http-persistent (2.9.4)
    net-http-pipeline (1.0.1)
    netrc (0.11.0)
    notiffany (0.1.1)
      nenv (~> 0.1)
      shellany (~> 0.0)
    pathspec (0.2.1)
    pry (0.12.2)
      coderay (~> 1.1.0)
      method_source (~> 0.9.0)
    puppet-blacksmith (4.1.2)
      rest-client (~> 2.0)
    puppet-lint (2.3.6)
    puppet-lint-absolute_classname-check (1.0.0)
      puppet-lint (>= 1.0, < 3.0)
    puppet-lint-classes_and_types_beginning_with_digits-check (0.1.2)
      puppet-lint (>= 1.0, < 3.0)
    puppet-lint-duplicate_class_parameters-check (1.0.4)
      puppet-lint (>= 1.1, < 3.0)
    puppet-lint-leading_zero-check (0.1.1)
      puppet-lint (>= 1.0, < 3.0)
    puppet-lint-legacy_facts-check (1.0.1)
      puppet-lint (~> 2.0)
    puppet-lint-param-docs (1.5.0)
      puppet-lint (>= 1.1, < 3.0)
    puppet-lint-resource_reference_syntax (1.0.14)
      puppet-lint (>= 1.0, < 3.0)
    puppet-lint-strict_indent-check (2.0.7)
      puppet-lint (> 1.0)
    puppet-lint-trailing_comma-check (0.4.2)
      puppet-lint (>= 1.0, < 3.0)
    puppet-lint-unquoted_string-check (0.3.0)
      puppet-lint (>= 1.0, < 3.0)
    puppet-lint-variable_contains_upcase (1.2.0)
      puppet-lint (>= 1.0, < 3.0)
    puppet-lint-version_comparison-check (0.2.1)
      puppet-lint (>= 1.0, < 3.0)
    puppet-strings (2.2.0)
      rgen
      yard (~> 0.9.5)
    puppet-syntax (2.4.3)
      rake
    puppetlabs_spec_helper (2.14.1)
      mocha (~> 1.0)
      pathspec (~> 0.2.1)
      puppet-lint (~> 2.0)
      puppet-syntax (~> 2.0)
      rspec-puppet (~> 2.0)
    pusher-client (0.6.2)
      json
      websocket (~> 1.0)
    rake (12.3.2)
    rb-fsevent (0.10.3)
    rb-inotify (0.10.0)
      ffi (~> 1.0)
    rest-client (2.0.2)
      http-cookie (>= 1.0.2, < 2.0)
      mime-types (>= 1.16, < 4.0)
      netrc (~> 0.8)
    rgen (0.8.2)
    rspec (3.8.0)
      rspec-core (~> 3.8.0)
      rspec-expectations (~> 3.8.0)
      rspec-mocks (~> 3.8.0)
    rspec-core (3.8.0)
      rspec-support (~> 3.8.0)
    rspec-expectations (3.8.3)
      diff-lcs (>= 1.2.0, < 2.0)
      rspec-support (~> 3.8.0)
    rspec-mocks (3.8.0)
      diff-lcs (>= 1.2.0, < 2.0)
      rspec-support (~> 3.8.0)
    rspec-puppet (2.7.3)
      rspec
    rspec-support (3.8.0)
    ruby_dep (1.5.0)
    semantic_puppet (1.0.2)
    shellany (0.0.1)
    spdx-licenses (1.2.0)
    thor (0.20.3)
    travis (1.8.10)
      backports
      faraday (~> 0.9)
      faraday_middleware (~> 0.9, >= 0.9.1)
      gh (~> 0.13)
      highline (~> 1.6)
      launchy (~> 2.1)
      pusher-client (~> 0.4)
      typhoeus (~> 0.6, >= 0.6.8)
    travis-lint (2.0.0)
      json
    typhoeus (0.8.0)
      ethon (>= 0.8.0)
    unf (0.1.4)
      unf_ext
    unf_ext (0.0.7.6)
    websocket (1.2.8)
    yard (0.9.20)

PLATFORMS
  ruby

DEPENDENCIES
  guard-rake
  metadata-json-lint
  puppet-blacksmith
  puppet-lint
  puppet-lint-absolute_classname-check
  puppet-lint-classes_and_types_beginning_with_digits-check
  puppet-lint-duplicate_class_parameters-check
  puppet-lint-leading_zero-check
  puppet-lint-legacy_facts-check
  puppet-lint-param-docs
  puppet-lint-resource_reference_syntax
  puppet-lint-strict_indent-check
  puppet-lint-trailing_comma-check
  puppet-lint-unquoted_string-check
  puppet-lint-variable_contains_upcase
  puppet-lint-version_comparison-check
  puppet-strings
  puppetlabs_spec_helper
  semantic_puppet
  travis
  travis-lint
  voxpupuli-release!

BUNDLED WITH
   1.17.3
